GIT
  remote: http://github.com/patshaughnessy/paperclip.git
  revision: 942a2b43383fd04c0434ca4b27379a114cb28a50
  specs:
    paperclip (2.3.6)
      activerecord
      activesupport

GEM
  remote: http://rubygems.org/
  specs:
    RedCloth (4.2.7)
    abstract (1.0.0)
    actionmailer (3.0.0)
      actionpack (= 3.0.0)
      mail (~> 2.2.5)
    actionpack (3.0.0)
      activemodel (= 3.0.0)
      activesupport (= 3.0.0)
      builder (~> 2.1.2)
      erubis (~> 2.6.6)
      i18n (~> 0.4.1)
      rack (~> 1.2.1)
      rack-mount (~> 0.6.12)
      rack-test (~> 0.5.4)
      tzinfo (~> 0.3.23)
    activemodel (3.0.0)
      activesupport (= 3.0.0)
      builder (~> 2.1.2)
      i18n (~> 0.4.1)
    activerecord (3.0.0)
      activemodel (= 3.0.0)
      activesupport (= 3.0.0)
      arel (~> 1.0.0)
      tzinfo (~> 0.3.23)
    activeresource (3.0.0)
      activemodel (= 3.0.0)
      activesupport (= 3.0.0)
    activesupport (3.0.0)
    arel (1.0.1)
      activesupport (~> 3.0.0)
    builder (2.1.2)
    erubis (2.6.6)
      abstract (>= 1.0.0)
    haml (3.0.25)
    i18n (0.4.2)
    iconv (0.1)
    kgio (2.3.3)
    mail (2.2.16)
      activesupport (>= 2.3.6)
      i18n (>= 0.4.0)
      mime-types (~> 1.16)
      treetop (~> 1.4.8)
    mime-types (1.16)
    mysql (2.8.1)
    polyglot (0.3.1)
    r18n-core (0.4.9)
    r18n-rails (0.4.9)
      r18n-rails-api
    r18n-rails-api (0.4.9)
      i18n
      r18n-core (= 0.4.9)
    rack (1.2.2)
    rack-mount (0.6.14)
      rack (>= 1.0.0)
    rack-test (0.5.7)
      rack (>= 1.0)
    rails (3.0.0)
      actionmailer (= 3.0.0)
      actionpack (= 3.0.0)
      activerecord (= 3.0.0)
      activeresource (= 3.0.0)
      activesupport (= 3.0.0)
      bundler (~> 1.0.0)
      railties (= 3.0.0)
    railties (3.0.0)
      actionpack (= 3.0.0)
      activesupport (= 3.0.0)
      rake (>= 0.8.4)
      thor (~> 0.14.0)
    rake (0.8.7)
    sqlite3 (1.3.3)
    sqlite3-ruby (1.3.3)
      sqlite3 (>= 1.3.3)
    thor (0.14.6)
    treetop (1.4.9)
      polyglot (>= 0.3.1)
    tzinfo (0.3.26)
    unicode (0.4.0)
    unicorn (3.5.0)
      kgio (~> 2.3)
      rack
    will_paginate (3.0.pre2)

PLATFORMS
  ruby

DEPENDENCIES
  RedCloth
  haml
  iconv
  mysql
  paperclip!
  r18n-rails
  rails (= 3.0.0)
  sqlite3-ruby
  unicode
  unicorn
  will_paginate (~> 3.0.pre2)
